PATH
  remote: .
  specs:
    mini-rails (0.0.1)

GEM
  remote: https://rubygems.org/
  specs:
    minitest (5.11.3)
    rake (10.5.0)
    sqlite3 (1.3.13)

PLATFORMS
  ruby

DEPENDENCIES
  bundler (~> 2.0)
  mini-rails!
  minitest
  rake (~> 10.0)
  sqlite3

BUNDLED WITH
   2.0.1
